GEM
  remote: http://rubygems.org/
  specs:
    addressable (2.3.5)
    ffi (1.9.0)
    httparty (0.11.0)
      multi_json (~> 1.0)
      multi_xml (>= 0.5.2)
    json (1.5.5)
    launchy (2.3.0)
      addressable (~> 2.3)
    listen (1.3.1)
      rb-fsevent (>= 0.9.3)
      rb-inotify (>= 0.9)
      rb-kqueue (>= 0.2)
    multi_json (1.8.2)
    multi_xml (0.5.5)
    rb-fsevent (0.9.3)
    rb-inotify (0.9.2)
      ffi (>= 0.5.0)
    rb-kqueue (0.2.0)
      ffi (>= 0.5.0)
    shopify_theme (0.0.12)
      httparty (~> 0.11)
      json (~> 1.5.4)
      launchy
      listen (~> 1.0)
      thor (>= 0.14.4)
    thor (0.18.1)

PLATFORMS
  ruby

DEPENDENCIES
  shopify_theme
